GEM
  remote: https://rubygems.org/
  specs:
    exiv2 (0.0.8)

PLATFORMS
  ruby

DEPENDENCIES
  exiv2
